PATH
  remote: .
  specs:
    newegg-api (1.1.0)
      faraday (~> 0.8)
      json (~> 1.7)

GEM
  remote: https://rubygems.org/
  specs:
    colorize (0.5.8)
    coveralls (0.6.7)
      colorize
      multi_json (~> 1.3)
      rest-client
      simplecov (>= 0.7)
      thor
    diff-lcs (1.1.3)
    fakeweb (1.3.0)
    faraday (0.8.7)
      multipart-post (~> 1.1)
    json (1.8.0)
    mime-types (1.23)
    multi_json (1.4.0)
    multipart-post (1.2.0)
    rake (10.0.4)
    rest-client (1.6.7)
      mime-types (>= 1.16)
    rspec (2.12.0)
      rspec-core (~> 2.12.0)
      rspec-expectations (~> 2.12.0)
      rspec-mocks (~> 2.12.0)
    rspec-core (2.12.1)
    rspec-expectations (2.12.0)
      diff-lcs (~> 1.1.3)
    rspec-mocks (2.12.0)
    simplecov (0.7.1)
      multi_json (~> 1.0)
      simplecov-html (~> 0.7.1)
    simplecov-html (0.7.1)
    thor (0.18.1)

PLATFORMS
  ruby
  x86-mingw32

DEPENDENCIES
  coveralls (~> 0.6)
  fakeweb (~> 1.3)
  newegg-api!
  rake (~> 10.0.4)
  rspec (~> 2.11)
  simplecov
